GEM
  remote: http://rubygems.org/
  specs:
    abstract (1.0.0)
    actionmailer (3.0.7)
      actionpack (= 3.0.7)
      mail (~> 2.2.15)
    actionpack (3.0.7)
      activemodel (= 3.0.7)
      activesupport (= 3.0.7)
      builder (~> 2.1.2)
      erubis (~> 2.6.6)
      i18n (~> 0.5.0)
      rack (~> 1.2.1)
      rack-mount (~> 0.6.14)
      rack-test (~> 0.5.7)
      tzinfo (~> 0.3.23)
    activemodel (3.0.7)
      activesupport (= 3.0.7)
      builder (~> 2.1.2)
      i18n (~> 0.5.0)
    activerecord (3.0.7)
      activemodel (= 3.0.7)
      activesupport (= 3.0.7)
      arel (~> 2.0.2)
      tzinfo (~> 0.3.23)
    activeresource (3.0.7)
      activemodel (= 3.0.7)
      activesupport (= 3.0.7)
    activesupport (3.0.7)
    addressable (2.2.6)
    archive-tar-minitar (0.5.2)
    arel (2.0.10)
    bcrypt-ruby (2.1.4)
    builder (2.1.2)
    columnize (0.3.4)
    data_objects (0.10.6)
      addressable (~> 2.1)
    diff-lcs (1.1.2)
    dm-active_model (1.1.0)
      activemodel (~> 3.0.4)
      dm-core (~> 1.1.0)
    dm-aggregates (1.1.0)
      dm-core (~> 1.1.0)
    dm-chunked_query (0.3.0)
      dm-aggregates (~> 1.0)
      dm-core (~> 1.0)
    dm-constraints (1.1.0)
      dm-core (~> 1.1.0)
    dm-core (1.1.0)
      addressable (~> 2.2.4)
    dm-do-adapter (1.1.0)
      data_objects (~> 0.10.2)
      dm-core (~> 1.1.0)
    dm-migrations (1.1.0)
      dm-core (~> 1.1.0)
    dm-observer (1.1.0)
      dm-core (~> 1.1.0)
    dm-rails (1.1.0)
      actionpack (~> 3.0.4)
      dm-active_model (~> 1.1.0)
      dm-core (~> 1.1.0)
      railties (~> 3.0.4)
    dm-sqlite-adapter (1.1.0)
      dm-do-adapter (~> 1.1.0)
      do_sqlite3 (~> 0.10.2)
    dm-timestamps (1.1.0)
      dm-core (~> 1.1.0)
    dm-transactions (1.1.0)
      dm-core (~> 1.1.0)
    dm-types (1.1.0)
      bcrypt-ruby (~> 2.1.4)
      dm-core (~> 1.1.0)
      fastercsv (~> 1.5.4)
      json (~> 1.4.6)
      stringex (~> 1.2.0)
      uuidtools (~> 2.1.2)
    dm-validations (1.1.0)
      dm-core (~> 1.1.0)
    do_sqlite3 (0.10.6)
      data_objects (= 0.10.6)
    erubis (2.6.6)
      abstract (>= 1.0.0)
    factory_girl (2.0.0.rc4)
    factory_girl_rails (1.1.rc1)
      factory_girl (~> 2.0.0.rc)
      railties (>= 3.0.0)
    fastercsv (1.5.4)
    haml (3.1.2)
    hpricot (0.8.4)
    i18n (0.5.0)
    jquery-rails (1.0.12)
      railties (~> 3.0)
      thor (~> 0.14)
    json (1.4.6)
    linecache19 (0.5.12)
      ruby_core_source (>= 0.1.4)
    mail (2.2.19)
      activesupport (>= 2.3.6)
      i18n (>= 0.4.0)
      mime-types (~> 1.16)
      treetop (~> 1.4.8)
    mime-types (1.16)
    nokogiri (1.4.4)
    os (0.9.2)
    polyglot (0.3.1)
    rack (1.2.3)
    rack-mount (0.6.14)
      rack (>= 1.0.0)
    rack-test (0.5.7)
      rack (>= 1.0)
    rails (3.0.7)
      actionmailer (= 3.0.7)
      actionpack (= 3.0.7)
      activerecord (= 3.0.7)
      activeresource (= 3.0.7)
      activesupport (= 3.0.7)
      bundler (~> 1.0)
      railties (= 3.0.7)
    railties (3.0.7)
      actionpack (= 3.0.7)
      activesupport (= 3.0.7)
      rake (>= 0.8.7)
      thor (~> 0.14.4)
    rake (0.9.2)
    rserve-client (0.2.5)
    rserve-simpler (0.0.5)
      rserve-client (~> 0.2.5)
    rspec (2.5.0)
      rspec-core (~> 2.5.0)
      rspec-expectations (~> 2.5.0)
      rspec-mocks (~> 2.5.0)
    rspec-core (2.5.2)
    rspec-expectations (2.5.0)
      diff-lcs (~> 1.1.2)
    rspec-mocks (2.5.0)
    rspec-rails (2.5.0)
      actionpack (~> 3.0)
      activesupport (~> 3.0)
      railties (~> 3.0)
      rspec (~> 2.5.0)
    ruby-debug-base19 (0.11.25)
      columnize (>= 0.3.1)
      linecache19 (>= 0.5.11)
      ruby_core_source (>= 0.1.4)
    ruby-debug19 (0.11.6)
      columnize (>= 0.3.1)
      linecache19 (>= 0.5.11)
      ruby-debug-base19 (>= 0.11.19)
    ruby_core_source (0.1.5)
      archive-tar-minitar (>= 0.5.2)
    ruby_parser (2.0.6)
      sexp_processor (~> 3.0)
    sexp_processor (3.0.5)
    spork (0.9.0.rc5)
    sqlite3-ruby (1.3.2)
    stringex (1.2.1)
    thor (0.14.6)
    treetop (1.4.9)
      polyglot (>= 0.3.1)
    tzinfo (0.3.28)
    uuidtools (2.1.2)
    webrat (0.7.1)
      nokogiri (>= 1.2.0)
      rack (>= 1.0)
      rack-test (>= 0.5.3)

PLATFORMS
  ruby

DEPENDENCIES
  actionmailer (~> 3.0.7)
  actionpack (~> 3.0.7)
  activesupport (~> 3.0.7)
  dm-aggregates (~> 1.1.0)
  dm-chunked_query
  dm-constraints (~> 1.1.0)
  dm-migrations (~> 1.1.0)
  dm-observer (~> 1.1.0)
  dm-rails (~> 1.1.0)
  dm-sqlite-adapter (~> 1.1.0)
  dm-timestamps (~> 1.1.0)
  dm-transactions (~> 1.1.0)
  dm-types (~> 1.1.0)
  dm-validations (~> 1.1.0)
  factory_girl_rails (~> 1.1.rc1)
  haml
  hpricot
  jquery-rails
  os
  rails (~> 3.0.7)
  railties (~> 3.0.7)
  rserve-simpler
  rspec
  rspec-rails
  ruby-debug19
  ruby_parser
  spork
  sqlite3-ruby (= 1.3.2)
  webrat
